ObjectType = Image
NDims = 3
BinaryData = True
BinaryDataByteOrderMSB = False
CompressedData = False
TransformMatrix = 1 0 0 0 1 0 0 0 1
Offset = 1.3910499999999999 0.0058500000000000002 2.31299999638515
CenterOfRotation = 0 0 0
AnatomicalOrientation = RAI
ElementSpacing = 0.011500000022351742 0.0038999998942017555 0.23129411041736603
DimSize = 481 496 18
ElementType = MET_UCHAR
ElementDataFile = pat032_im001.raw

