ObjectType = Image
NDims = 3
BinaryData = True
BinaryDataByteOrderMSB = False
CompressedData = False
TransformMatrix = 1 0 0 0 1 0 0 0 1
Offset = 1.4750000000000001 0.0058500000000000002 1.5969999997679201
CenterOfRotation = 0 0 0
AnatomicalOrientation = RAI
ElementSpacing = 0.011500000022351742 0.0038999998942017555 0.12289361655712128
DimSize = 512 496 48
ElementType = MET_UCHAR
ElementDataFile = pat038_im001.raw

