ObjectType = Image
NDims = 3
BinaryData = True
BinaryDataByteOrderMSB = False
CompressedData = False
TransformMatrix = 1 0 0 0 1 0 0 0 1
Offset = 1.5008999999999999 0.0058500000000000002 2.3759999985967402
CenterOfRotation = 0 0 0
AnatomicalOrientation = RAI
ElementSpacing = 0.011500000022351742 0.0038999998942017555 0.12508571147918701
DimSize = 521 496 36
ElementType = MET_UCHAR
ElementDataFile = pat068_im002.raw

