ObjectType = Image
NDims = 3
BinaryData = True
BinaryDataByteOrderMSB = False
CompressedData = False
TransformMatrix = 1 0 0 0 1 0 0 0 1
Offset = 1.4818499999999999 0.0058500000000000002 2.4649999986150699
CenterOfRotation = 0 0 0
AnatomicalOrientation = RAI
ElementSpacing = 0.011500000022351742 0.0038999998942017555 0.24647058546543121
DimSize = 516 496 18
ElementType = MET_UCHAR
ElementDataFile = pat017_im002.raw

