ObjectType = Image
NDims = 3
BinaryData = True
BinaryDataByteOrderMSB = False
CompressedData = False
TransformMatrix = 1 0 0 0 1 0 0 0 1
Offset = 1.4208499999999999 0.0058500000000000002 0.96099999898261002
CenterOfRotation = 0 0 0
AnatomicalOrientation = RAI
ElementSpacing = 0.011500000022351742 0.0038999998942017555 0.24620689451694489
DimSize = 516 496 30
ElementType = MET_UCHAR
ElementDataFile = pat066_im001.raw

