ObjectType = Image
NDims = 3
BinaryData = True
BinaryDataByteOrderMSB = False
CompressedData = False
TransformMatrix = 1 0 0 0 1 0 0 0 1
Offset = 2.5690499999999998 0.0058500000000000002 1.12699999821867
CenterOfRotation = 0 0 0
AnatomicalOrientation = RAI
ElementSpacing = 0.011500000022351742 0.0038999998942017555 0.1217714250087738
DimSize = 508 496 36
ElementType = MET_UCHAR
ElementDataFile = pat060_im001.raw

