ObjectType = Image
NDims = 3
BinaryData = True
BinaryDataByteOrderMSB = False
CompressedData = False
TransformMatrix = 1 0 0 0 1 0 0 0 0.99999999999999989
Offset = 1.4988999999999999 0.0058500000000000002 2.3740000014032598
CenterOfRotation = 0 0 0
AnatomicalOrientation = RAI
ElementSpacing = 0.011500000022351742 0.0038999998942017555 0.12491428852081299
DimSize = 521 496 36
ElementType = MET_UCHAR
ElementDataFile = pat030_im001.raw

