ObjectType = Image
NDims = 3
BinaryData = True
BinaryDataByteOrderMSB = False
CompressedData = False
TransformMatrix = 1 0 0 0 1 0 0 0 1
Offset = 1.5038499999999999 0.0058500000000000002 2.3820000018375298
CenterOfRotation = 0 0 0
AnatomicalOrientation = RAI
ElementSpacing = 0.011500000022351742 0.0038999998942017555 0.12534286081790924
DimSize = 525 496 36
ElementType = MET_UCHAR
ElementDataFile = pat030_im002.raw

