ObjectType = Image
NDims = 3
BinaryData = True
BinaryDataByteOrderMSB = False
CompressedData = False
TransformMatrix = 1 0 0 0 1 0 0 0 1
Offset = 1.0929500000000001 0.0058500000000000002 4.0620000028364798
CenterOfRotation = 0 0 0
AnatomicalOrientation = RAI
ElementSpacing = 0.011500000022351742 0.0038999998942017555 0.23982353508472443
DimSize = 499 496 18
ElementType = MET_UCHAR
ElementDataFile = pat062_im001.raw

