ObjectType = Image
NDims = 3
BinaryData = True
BinaryDataByteOrderMSB = False
CompressedData = False
TransformMatrix = 1 0 0 0 1 0 0 0 1
Offset = 1.3754 0.0058500000000000002 2.1780000013828298
CenterOfRotation = 0 0 0
AnatomicalOrientation = RAI
ElementSpacing = 0.011500000022351742 0.0038999998942017555 0.11460000276565552
DimSize = 476 496 36
ElementType = MET_UCHAR
ElementDataFile = pat005_im001.raw

