ObjectType = Image
NDims = 3
BinaryData = True
BinaryDataByteOrderMSB = False
CompressedData = False
TransformMatrix = 1 0 0 0 1 0 0 0 0.99999999999999989
Offset = 0.24784999999999999 0.0058500000000000002 2.2829999973955402
CenterOfRotation = 0 0 0
AnatomicalOrientation = RAI
ElementSpacing = 0.011500000022351742 0.0038999998942017555 0.24934782087802887
DimSize = 516 496 24
ElementType = MET_UCHAR
ElementDataFile = pat054_im001.raw

