ObjectType = Image
NDims = 3
BinaryData = True
BinaryDataByteOrderMSB = False
CompressedData = False
TransformMatrix = 1 0 0 0 1 0 0 0 0.99999999999999989
Offset = 1.4540500000000001 0.0058500000000000002 2.30200000136495
CenterOfRotation = 0 0 0
AnatomicalOrientation = RAI
ElementSpacing = 0.011500000022351742 0.0038999998942017555 0.12120000272989273
DimSize = 508 496 36
ElementType = MET_UCHAR
ElementDataFile = pat048_im004.raw

