ObjectType = Image
NDims = 3
BinaryData = True
BinaryDataByteOrderMSB = False
CompressedData = False
TransformMatrix = 1 0 0 0 1 0 0 0 0.99999999999999989
Offset = -4.9999999999999697e-05 0.0058500000000000002 1.61200000044957
CenterOfRotation = 0 0 0
AnatomicalOrientation = RAI
ElementSpacing = 0.011500000022351742 0.0038999998942017555 0.12395744770765305
DimSize = 775 496 48
ElementType = MET_UCHAR
ElementDataFile = pat004_im002.raw

