ObjectType = Image
NDims = 3
BinaryData = True
BinaryDataByteOrderMSB = False
CompressedData = False
TransformMatrix = 1 0 0 0 1 0 0 0 1
Offset = 1.5447 0.0058500000000000002 2.4459999963130299
CenterOfRotation = 0 0 0
AnatomicalOrientation = RAI
ElementSpacing = 0.011500000022351742 0.0038999998942017555 0.12871427834033966
DimSize = 539 496 36
ElementType = MET_UCHAR
ElementDataFile = pat035_im002.raw

