ObjectType = Image
NDims = 3
BinaryData = True
BinaryDataByteOrderMSB = False
CompressedData = False
TransformMatrix = 1 0 0 0 1 0 0 0 1
Offset = 2.52115 0.0058500000000000002 3.87500000152518
CenterOfRotation = 0 0 0
AnatomicalOrientation = RAI
ElementSpacing = 0.011500000022351742 0.0038999998942017555 0.22382353246212006
DimSize = 463 496 18
ElementType = MET_UCHAR
ElementDataFile = pat050_im001.raw

