ObjectType = Image
NDims = 3
BinaryData = True
BinaryDataByteOrderMSB = False
CompressedData = False
TransformMatrix = 1 0 0 0 1 0 0 0 1
Offset = 1.4009 0.0058500000000000002 2.4039999996213401
CenterOfRotation = 0 0 0
AnatomicalOrientation = RAI
ElementSpacing = 0.011500000022351742 0.0038999998942017555 0.24270588159561157
DimSize = 508 496 18
ElementType = MET_UCHAR
ElementDataFile = pat071_im001.raw

