ObjectType = Image
NDims = 3
BinaryData = True
BinaryDataByteOrderMSB = False
CompressedData = False
TransformMatrix = 1 0 0 0 1 0 0 0 0.99999999999999989
Offset = 0.00010000000000000026 0.0058500000000000002 2.2910000000119202
CenterOfRotation = 0 0 0
AnatomicalOrientation = RAI
ElementSpacing = 0.011500000022351742 0.0038999998942017555 0.12060000002384186
DimSize = 755 496 36
ElementType = MET_UCHAR
ElementDataFile = pat065_im001.raw

