ObjectType = Image
NDims = 3
BinaryData = True
BinaryDataByteOrderMSB = False
CompressedData = False
TransformMatrix = 1 0 0 0 1 0 0 0 1
Offset = 1.4670000000000001 0.0058500000000000002 2.32400000328877
CenterOfRotation = 0 0 0
AnatomicalOrientation = RAI
ElementSpacing = 0.011500000022351742 0.0038999998942017555 0.23464706540107727
DimSize = 490 496 18
ElementType = MET_UCHAR
ElementDataFile = pat033_im001.raw

