ObjectType = Image
NDims = 3
BinaryData = True
BinaryDataByteOrderMSB = False
CompressedData = False
TransformMatrix = 1 0 0 0 1 0 0 0 1
Offset = 1.47 0.0058500000000000002 2.3269999997164499
CenterOfRotation = 0 0 0
AnatomicalOrientation = RAI
ElementSpacing = 0.011500000022351742 0.0038999998942017555 0.12251428514719009
DimSize = 512 496 36
ElementType = MET_UCHAR
ElementDataFile = pat008_im001.raw

