ObjectType = Image
NDims = 3
BinaryData = True
BinaryDataByteOrderMSB = False
CompressedData = False
TransformMatrix = 1 0 0 0 1 0 0 0 1
Offset = 1.3101 0.0058500000000000002 2.2479999990463302
CenterOfRotation = 0 0 0
AnatomicalOrientation = RAI
ElementSpacing = 0.011500000022351742 0.0038999998942017555 0.22699999809265137
DimSize = 472 496 18
ElementType = MET_UCHAR
ElementDataFile = pat067_im001.raw

