ObjectType = Image
NDims = 3
BinaryData = True
BinaryDataByteOrderMSB = False
CompressedData = False
TransformMatrix = 1 0 0 0 1 0 0 0 0.99999999999999989
Offset = 1.48885 0.0058500000000000002 2.3529999996159798
CenterOfRotation = 0 0 0
AnatomicalOrientation = RAI
ElementSpacing = 0.011500000022351742 0.0038999998942017555 0.12388571351766586
DimSize = 516 496 36
ElementType = MET_UCHAR
ElementDataFile = pat040_im001.raw

