ObjectType = Image
NDims = 3
BinaryData = True
BinaryDataByteOrderMSB = False
CompressedData = False
TransformMatrix = 1 0 0 0 1 0 0 0 1
Offset = 2.6598000000000002 0.0058500000000000002 3.2990000020265602
CenterOfRotation = 0 0 0
AnatomicalOrientation = RAI
ElementSpacing = 0.011500000022351742 0.0038999998942017555 0.25200000405311584
DimSize = 525 496 18
ElementType = MET_UCHAR
ElementDataFile = pat029_im001.raw

