ObjectType = Image
NDims = 3
BinaryData = True
BinaryDataByteOrderMSB = False
CompressedData = False
TransformMatrix = 1 0 0 0 1 0 0 0 1
Offset = 1.476 0.0058500000000000002 2.3369999987474501
CenterOfRotation = 0 0 0
AnatomicalOrientation = RAI
ElementSpacing = 0.011500000022351742 0.0038999998942017555 0.12302856892347336
DimSize = 512 496 36
ElementType = MET_UCHAR
ElementDataFile = pat002_im001.raw

