ObjectType = Image
NDims = 3
BinaryData = True
BinaryDataByteOrderMSB = False
CompressedData = False
TransformMatrix = 1 0 0 0 1 0 0 0 1
Offset = 1.5297499999999999 0.0058500000000000002 2.4229999981062802
CenterOfRotation = 0 0 0
AnatomicalOrientation = RAI
ElementSpacing = 0.011500000022351742 0.0038999998942017555 0.12754285335540771
DimSize = 534 496 36
ElementType = MET_UCHAR
ElementDataFile = pat042_im001.raw

