ObjectType = Image
NDims = 3
BinaryData = True
BinaryDataByteOrderMSB = False
CompressedData = False
TransformMatrix = 1 0 0 0 1 0 0 0 1
Offset = 0.82894999999999996 0.0058500000000000002 1.5899999997224099
CenterOfRotation = 0 0 0
AnatomicalOrientation = RAI
ElementSpacing = 0.011500000022351742 0.0038999998942017555 0.12031428515911102
DimSize = 499 496 36
ElementType = MET_UCHAR
ElementDataFile = pat055_im002.raw

