ObjectType = Image
NDims = 3
BinaryData = True
BinaryDataByteOrderMSB = False
CompressedData = False
TransformMatrix = 1 0 0 0 1 0 0 0 1
Offset = 1.4261999999999999 0.0058500000000000002 2.2579999996781401
CenterOfRotation = 0 0 0
AnatomicalOrientation = RAI
ElementSpacing = 0.011500000022351742 0.0038999998942017555 0.11879999935626984
DimSize = 494 496 36
ElementType = MET_UCHAR
ElementDataFile = pat048_im003.raw

