ObjectType = Image
NDims = 3
BinaryData = True
BinaryDataByteOrderMSB = False
CompressedData = False
TransformMatrix = 1 0 0 0 1 0 0 0 1
Offset = 1.3714 0.0058500000000000002 2.1710000003193102
CenterOfRotation = 0 0 0
AnatomicalOrientation = RAI
ElementSpacing = 0.011500000022351742 0.0038999998942017555 0.11428571492433548
DimSize = 476 496 36
ElementType = MET_UCHAR
ElementDataFile = pat005_im003.raw

