ObjectType = Image
NDims = 3
BinaryData = True
BinaryDataByteOrderMSB = False
CompressedData = False
TransformMatrix = 1 0 0 0 1 0 0 0 0.99999999999999989
Offset = 1.41425 0.0058500000000000002 2.23799999866486
CenterOfRotation = 0 0 0
AnatomicalOrientation = RAI
ElementSpacing = 0.011500000022351742 0.0038999998942017555 0.11779999732971191
DimSize = 490 496 36
ElementType = MET_UCHAR
ElementDataFile = pat005_im004.raw

