ObjectType = Image
NDims = 3
BinaryData = True
BinaryDataByteOrderMSB = False
CompressedData = False
TransformMatrix = 1 0 0 0 1 0 0 0 1
Offset = 1.4819500000000001 0.0058500000000000002 2.34699999835756
CenterOfRotation = 0 0 0
AnatomicalOrientation = RAI
ElementSpacing = 0.011500000022351742 0.0038999998942017555 0.12011110782623291
DimSize = 516 496 37
ElementType = MET_UCHAR
ElementDataFile = pat069_im001.raw

