ObjectType = Image
NDims = 3
BinaryData = True
BinaryDataByteOrderMSB = False
CompressedData = False
TransformMatrix = 1 0 0 0 1 0 0 0 0.99999999999999989
Offset = 1.4729000000000001 0.0058500000000000002 2.4499999992567001
CenterOfRotation = 0 0 0
AnatomicalOrientation = RAI
ElementSpacing = 0.011500000022351742 0.0038999998942017555 0.24494117498397827
DimSize = 508 496 18
ElementType = MET_UCHAR
ElementDataFile = pat063_im001.raw

