ObjectType = Image
NDims = 3
BinaryData = True
BinaryDataByteOrderMSB = False
CompressedData = False
TransformMatrix = 1 0 0 0 1 0 0 0 1
Offset = 1.48895 0.0058500000000000002 3.1030000005045899
CenterOfRotation = 0 0 0
AnatomicalOrientation = RAI
ElementSpacing = 0.011500000022351742 0.0038999998942017555 0.12410344928503036
DimSize = 516 496 30
ElementType = MET_UCHAR
ElementDataFile = pat012_im003.raw

