ObjectType = Image
NDims = 3
BinaryData = True
BinaryDataByteOrderMSB = False
CompressedData = False
TransformMatrix = 1 0 0 0 1 0 0 0 1
Offset = 1.4072499999999999 0.0058500000000000002 2.2280000018111301
CenterOfRotation = 0 0 0
AnatomicalOrientation = RAI
ElementSpacing = 0.011500000022351742 0.0038999998942017555 0.11722857505083084
DimSize = 490 496 36
ElementType = MET_UCHAR
ElementDataFile = pat046_im001.raw

