ObjectType = Image
NDims = 3
BinaryData = True
BinaryDataByteOrderMSB = False
CompressedData = False
TransformMatrix = 1 0 0 0 1 0 0 0 1
Offset = 1.5467 0.0058500000000000002 2.44900000095708
CenterOfRotation = 0 0 0
AnatomicalOrientation = RAI
ElementSpacing = 0.011500000022351742 0.0038999998942017555 0.12888571619987488
DimSize = 539 496 36
ElementType = MET_UCHAR
ElementDataFile = pat064_im001.raw

