ObjectType = Image
NDims = 3
BinaryData = True
BinaryDataByteOrderMSB = False
CompressedData = True
CompressedDataSize = 58587
TransformMatrix = 1 0 0 0 1 0 0 0 1
Offset = 0.8289500000111758 0.0058499999471008785 1.5899999997224104
CenterOfRotation = 0 0 0
AnatomicalOrientation = RAI
ElementSpacing = 0.011500000022351742 0.0038999998942017555 0.12031428515911102
DimSize = 499 496 36
ElementType = MET_UCHAR
ElementDataFile = pat055_im002.zraw

