ObjectType = Image
NDims = 3
BinaryData = True
BinaryDataByteOrderMSB = False
CompressedData = True
CompressedDataSize = 16192
TransformMatrix = 1 0 0 0 1 0 0 0 1
Offset = 1.4331500000111759 0.0058499999471008785 2.2690000010311606
CenterOfRotation = 0 0 0
AnatomicalOrientation = RAI
ElementSpacing = 0.011500000022351742 0.0038999998942017555 0.11940000206232071
DimSize = 499 496 36
ElementType = MET_UCHAR
ElementDataFile = pat036_im002.zraw

