ObjectType = Image
NDims = 3
BinaryData = True
BinaryDataByteOrderMSB = False
CompressedData = True
CompressedDataSize = 9714
TransformMatrix = 1 0 0 0 1 0 0 0 1
Offset = 1.5297500000111759 0.0058499999471008785 2.4229999981062789
CenterOfRotation = 0 0 0
AnatomicalOrientation = RAI
ElementSpacing = 0.011500000022351742 0.0038999998942017555 0.12754285335540771
DimSize = 534 496 36
ElementType = MET_UCHAR
ElementDataFile = pat042_im001.zraw

