ObjectType = Image
NDims = 3
BinaryData = True
BinaryDataByteOrderMSB = False
CompressedData = True
CompressedDataSize = 11744
TransformMatrix = 1 0 0 0 1 0 0 0 1
Offset = 0.002800000011175871 0.0058499999471008785 1.0009999941135301
CenterOfRotation = 0 0 0
AnatomicalOrientation = RAI
ElementSpacing = 0.011500000022351742 0.0038999998942017555 0.25027585029602051
DimSize = 788 496 30
ElementType = MET_UCHAR
ElementDataFile = pat027_im001.zraw

