ObjectType = Image
NDims = 3
BinaryData = True
BinaryDataByteOrderMSB = False
CompressedData = True
CompressedDataSize = 10528
TransformMatrix = 1 0 0 0 1 0 0 0 1
Offset = 1.4839500000111761 0.0058499999471008785 2.349000000100482
CenterOfRotation = 0 0 0
AnatomicalOrientation = RAI
ElementSpacing = 0.011500000022351742 0.0038999998942017555 0.12362857162952423
DimSize = 516 496 36
ElementType = MET_UCHAR
ElementDataFile = pat003_im002.zraw

