ObjectType = Image
NDims = 3
BinaryData = True
BinaryDataByteOrderMSB = False
CompressedData = True
CompressedDataSize = 4806
TransformMatrix = 1 0 0 0 1 0 0 0 0.99999999999999989
Offset = 1.4579000000111759 0.0058499999471008785 2.4249999976894414
CenterOfRotation = 0 0 0
AnatomicalOrientation = RAI
ElementSpacing = 0.011500000022351742 0.0038999998942017555 0.24252940714359283
DimSize = 508 496 18
ElementType = MET_UCHAR
ElementDataFile = pat056_im001.zraw

