ObjectType = Image
NDims = 3
BinaryData = True
BinaryDataByteOrderMSB = False
CompressedData = True
CompressedDataSize = 11040
TransformMatrix = 1 0 0 0 1 0 0 0 0.99999999999999989
Offset = 1.412250000011176 0.0058499999471008785 2.2359999985200982
CenterOfRotation = 0 0 0
AnatomicalOrientation = RAI
ElementSpacing = 0.011500000022351742 0.0038999998942017555 0.1176571398973465
DimSize = 490 496 36
ElementType = MET_UCHAR
ElementDataFile = pat012_im002.zraw

