ObjectType = Image
NDims = 3
BinaryData = True
BinaryDataByteOrderMSB = False
CompressedData = True
CompressedDataSize = 7603
TransformMatrix = 1 0 0 0 1 0 0 0 1
Offset = 1.517900000011176 0.0058499999471008785 2.403999999621341
CenterOfRotation = 0 0 0
AnatomicalOrientation = RAI
ElementSpacing = 0.011500000022351742 0.0038999998942017555 0.24270588159561157
DimSize = 508 496 18
ElementType = MET_UCHAR
ElementDataFile = pat071_im002.zraw

