ObjectType = Image
NDims = 3
BinaryData = True
BinaryDataByteOrderMSB = False
CompressedData = True
CompressedDataSize = 4241
TransformMatrix = 1 0 0 0 1 0 0 0 1
Offset = 1.449100000011176 0.0058499999471008785 3.3800000033837092
CenterOfRotation = 0 0 0
AnatomicalOrientation = RAI
ElementSpacing = 0.011500000022351742 0.0038999998942017555 0.24146154522895813
DimSize = 503 496 14
ElementType = MET_UCHAR
ElementDataFile = pat023_im003.zraw

