ObjectType = Image
NDims = 3
BinaryData = True
BinaryDataByteOrderMSB = False
CompressedData = True
CompressedDataSize = 12916
TransformMatrix = 1 0 0 0 1 0 0 0 1
Offset = 1.5467000000111759 0.0058499999471008785 2.4490000009570774
CenterOfRotation = 0 0 0
AnatomicalOrientation = RAI
ElementSpacing = 0.011500000022351742 0.0038999998942017555 0.12888571619987488
DimSize = 539 496 36
ElementType = MET_UCHAR
ElementDataFile = pat064_im001.zraw

