ObjectType = Image
NDims = 3
BinaryData = True
BinaryDataByteOrderMSB = False
CompressedData = True
CompressedDataSize = 29420
TransformMatrix = 1 0 0 0 1 0 0 0 1
Offset = 1.504850000011176 0.0058499999471008785 2.3820000033855386
CenterOfRotation = 0 0 0
AnatomicalOrientation = RAI
ElementSpacing = 0.011500000022351742 0.0038999998942017555 0.12540000677108765
DimSize = 525 496 36
ElementType = MET_UCHAR
ElementDataFile = pat009_im002.zraw

