ObjectType = Image
NDims = 3
BinaryData = True
BinaryDataByteOrderMSB = False
CompressedData = True
CompressedDataSize = 15045
TransformMatrix = 1 0 0 0 1 0 0 0 1
Offset = 1.1175871859891995e-11 0.0058499999471008785 2.3400000018434901
CenterOfRotation = 0 0 0
AnatomicalOrientation = RAI
ElementSpacing = 0.011500000022351742 0.0038999998942017555 0.12314286082983017
DimSize = 768 496 36
ElementType = MET_UCHAR
ElementDataFile = pat028_im001.zraw

