ObjectType = Image
NDims = 3
BinaryData = True
BinaryDataByteOrderMSB = False
CompressedData = True
CompressedDataSize = 14263
TransformMatrix = 1 0 0 0 1 0 0 0 1
Offset = 1.4351500000111759 0.0058499999471008785 2.2710000011759082
CenterOfRotation = 0 0 0
AnatomicalOrientation = RAI
ElementSpacing = 0.011500000022351742 0.0038999998942017555 0.11954285949468613
DimSize = 499 496 36
ElementType = MET_UCHAR
ElementDataFile = pat007_im001.zraw

