ObjectType = Image
NDims = 3
BinaryData = True
BinaryDataByteOrderMSB = False
CompressedData = True
CompressedDataSize = 13808
TransformMatrix = 1 0 0 0 1 0 0 0 1
Offset = 1.4351500000111759 0.0058499999471008785 2.2719999989986417
CenterOfRotation = 0 0 0
AnatomicalOrientation = RAI
ElementSpacing = 0.011500000022351742 0.0038999998942017555 0.11959999799728394
DimSize = 499 496 36
ElementType = MET_UCHAR
ElementDataFile = pat076_im002.zraw

