ObjectType = Image
NDims = 3
BinaryData = True
BinaryDataByteOrderMSB = False
CompressedData = True
CompressedDataSize = 16640
TransformMatrix = 1 0 0 0 1 0 0 0 1
Offset = 1.387350000011176 0.0058499999471008785 2.1960000016221022
CenterOfRotation = 0 0 0
AnatomicalOrientation = RAI
ElementSpacing = 0.011500000022351742 0.0038999998942017555 0.11557143181562424
DimSize = 481 496 36
ElementType = MET_UCHAR
ElementDataFile = pat036_im001.zraw

