ObjectType = Image
NDims = 3
BinaryData = True
BinaryDataByteOrderMSB = False
CompressedData = True
CompressedDataSize = 11967
TransformMatrix = 1 0 0 0 1 0 0 0 0.99999999999999989
Offset = 1.460050000011176 0.0058499999471008785 2.3110000017992096
CenterOfRotation = 0 0 0
AnatomicalOrientation = RAI
ElementSpacing = 0.011500000022351742 0.0038999998942017555 0.12162857502698898
DimSize = 508 496 36
ElementType = MET_UCHAR
ElementDataFile = pat048_im002.zraw

