ObjectType = Image
NDims = 3
BinaryData = True
BinaryDataByteOrderMSB = False
CompressedData = True
CompressedDataSize = 51605
TransformMatrix = 1 0 0 0 1 0 0 0 1
Offset = 1.5038500000111759 0.0058499999471008785 2.3820000018375294
CenterOfRotation = 0 0 0
AnatomicalOrientation = RAI
ElementSpacing = 0.011500000022351742 0.0038999998942017555 0.12534286081790924
DimSize = 525 496 36
ElementType = MET_UCHAR
ElementDataFile = pat030_im002.zraw

