ObjectType = Image
NDims = 3
BinaryData = True
BinaryDataByteOrderMSB = False
CompressedData = True
CompressedDataSize = 4892
TransformMatrix = 1 0 0 0 1 0 0 0 0.99999999999999989
Offset = 1.467000000011176 0.0058499999471008785 2.3240000032887687
CenterOfRotation = 0 0 0
AnatomicalOrientation = RAI
ElementSpacing = 0.011500000022351742 0.0038999998942017555 0.23464706540107727
DimSize = 490 496 18
ElementType = MET_UCHAR
ElementDataFile = pat033_im001.zraw

