ObjectType = Image
NDims = 3
BinaryData = True
BinaryDataByteOrderMSB = False
CompressedData = True
CompressedDataSize = 10875
TransformMatrix = 1 0 0 0 1 0 0 0 1
Offset = 1.9408500000111759 0.0058499999471008785 2.5609999977911189
CenterOfRotation = 0 0 0
AnatomicalOrientation = RAI
ElementSpacing = 0.011500000022351742 0.0038999998942017555 0.2491176426410675
DimSize = 516 496 18
ElementType = MET_UCHAR
ElementDataFile = pat047_im001.zraw

