ObjectType = Image
NDims = 3
BinaryData = True
BinaryDataByteOrderMSB = False
CompressedData = True
CompressedDataSize = 7530
TransformMatrix = 1 0 0 0 1 0 0 0 1
Offset = 1.310100000011176 0.0058499999471008785 2.2479999990463311
CenterOfRotation = 0 0 0
AnatomicalOrientation = RAI
ElementSpacing = 0.011500000022351742 0.0038999998942017555 0.22699999809265137
DimSize = 472 496 18
ElementType = MET_UCHAR
ElementDataFile = pat067_im001.zraw

