ObjectType = Image
NDims = 3
BinaryData = True
BinaryDataByteOrderMSB = False
CompressedData = True
CompressedDataSize = 5643
TransformMatrix = 1 0 0 0 1 0 0 0 1
Offset = 2.0829500000111758 0.0058499999471008785 3.489000002836482
CenterOfRotation = 0 0 0
AnatomicalOrientation = RAI
ElementSpacing = 0.011500000022351742 0.0038999998942017555 0.23982353508472443
DimSize = 499 496 18
ElementType = MET_UCHAR
ElementDataFile = pat062_im002.zraw

