ObjectType = Image
NDims = 3
BinaryData = True
BinaryDataByteOrderMSB = False
CompressedData = True
CompressedDataSize = 26090
TransformMatrix = 1 0 0 0 1 0 0 0 1
Offset = 0.00010000001117587125 0.0058499999471008785 2.2910000000119211
CenterOfRotation = 0 0 0
AnatomicalOrientation = RAI
ElementSpacing = 0.011500000022351742 0.0038999998942017555 0.12060000002384186
DimSize = 755 496 36
ElementType = MET_UCHAR
ElementDataFile = pat065_im001.zraw

