ObjectType = Image
NDims = 3
BinaryData = True
BinaryDataByteOrderMSB = False
CompressedData = True
CompressedDataSize = 28520
TransformMatrix = 1 0 0 0 1 0 0 0 1
Offset = 1.3714000000111759 0.0058499999471008785 2.171000000319308
CenterOfRotation = 0 0 0
AnatomicalOrientation = RAI
ElementSpacing = 0.011500000022351742 0.0038999998942017555 0.11428571492433548
DimSize = 476 496 36
ElementType = MET_UCHAR
ElementDataFile = pat005_im003.zraw

