ObjectType = Image
NDims = 3
BinaryData = True
BinaryDataByteOrderMSB = False
CompressedData = True
CompressedDataSize = 14622
TransformMatrix = 1 0 0 0 1 0 0 0 1
Offset = 1.4909500000111759 0.0058499999471008785 2.3609999985022219
CenterOfRotation = 0 0 0
AnatomicalOrientation = RAI
ElementSpacing = 0.011500000022351742 0.0038999998942017555 0.12425713986158371
DimSize = 516 496 36
ElementType = MET_UCHAR
ElementDataFile = pat028_im002.zraw

