ObjectType = Image
NDims = 3
BinaryData = True
BinaryDataByteOrderMSB = False
CompressedData = True
CompressedDataSize = 13766
TransformMatrix = 1 0 0 0 1 0 0 0 0.99999999999999989
Offset = 1.392300000011176 0.0058499999471008785 2.4359999990905807
CenterOfRotation = 0 0 0
AnatomicalOrientation = RAI
ElementSpacing = 0.011500000022351742 0.0038999998942017555 0.1159696951508522
DimSize = 485 496 34
ElementType = MET_UCHAR
ElementDataFile = pat070_im002.zraw

