ObjectType = Image
NDims = 3
BinaryData = True
BinaryDataByteOrderMSB = False
CompressedData = True
CompressedDataSize = 4623
TransformMatrix = 1 0 0 0 1 0 0 0 1
Offset = 1.5008000000111759 0.0058499999471008785 2.4960000004593099
CenterOfRotation = 0 0 0
AnatomicalOrientation = RAI
ElementSpacing = 0.011500000022351742 0.0038999998942017555 0.24958823621273041
DimSize = 525 496 18
ElementType = MET_UCHAR
ElementDataFile = pat052_im001.zraw

