ObjectType = Image
NDims = 3
BinaryData = True
BinaryDataByteOrderMSB = False
CompressedData = True
CompressedDataSize = 5311
TransformMatrix = 1 0 0 0 1 0 0 0 1
Offset = 1.472900000011176 0.0058499999471008785 2.4499999992566992
CenterOfRotation = 0 0 0
AnatomicalOrientation = RAI
ElementSpacing = 0.011500000022351742 0.0038999998942017555 0.24494117498397827
DimSize = 508 496 18
ElementType = MET_UCHAR
ElementDataFile = pat063_im001.zraw

