ObjectType = Image
NDims = 3
BinaryData = True
BinaryDataByteOrderMSB = False
CompressedData = True
CompressedDataSize = 15132
TransformMatrix = 1 0 0 0 1 0 0 0 1
Offset = 1.462050000011176 0.0058499999471008785 2.3139999989926814
CenterOfRotation = 0 0 0
AnatomicalOrientation = RAI
ElementSpacing = 0.011500000022351742 0.0038999998942017555 0.12179999798536301
DimSize = 508 496 36
ElementType = MET_UCHAR
ElementDataFile = pat053_im001.zraw

