ObjectType = Image
NDims = 3
BinaryData = True
BinaryDataByteOrderMSB = False
CompressedData = True
CompressedDataSize = 8413
TransformMatrix = 1 0 0 0 1 0 0 0 1
Offset = 0.98945000001117589 0.0058499999471008785 3.3319999971144312
CenterOfRotation = 0 0 0
AnatomicalOrientation = RAI
ElementSpacing = 0.011500000022351742 0.0038999998942017555 0.22682352364063263
DimSize = 472 496 18
ElementType = MET_UCHAR
ElementDataFile = pat067_im002.zraw

