ObjectType = Image
NDims = 3
BinaryData = True
BinaryDataByteOrderMSB = False
CompressedData = True
CompressedDataSize = 14351
TransformMatrix = 1 0 0 0 1 0 0 0 1
Offset = 1.6234000000111759 0.0058499999471008785 2.5719999970691583
CenterOfRotation = 0 0 0
AnatomicalOrientation = RAI
ElementSpacing = 0.011500000022351742 0.0038999998942017555 0.13534285128116608
DimSize = 565 496 36
ElementType = MET_UCHAR
ElementDataFile = pat039_im002.zraw

