ObjectType = Image
NDims = 3
BinaryData = True
BinaryDataByteOrderMSB = False
CompressedData = True
CompressedDataSize = 9790
TransformMatrix = 1 0 0 0 1 0 0 0 1
Offset = 1.532750000011176 0.0058499999471008785 2.4260000027503312
CenterOfRotation = 0 0 0
AnatomicalOrientation = RAI
ElementSpacing = 0.011500000022351742 0.0038999998942017555 0.12771429121494293
DimSize = 534 496 36
ElementType = MET_UCHAR
ElementDataFile = pat035_im001.zraw

