ObjectType = Image
NDims = 3
BinaryData = True
BinaryDataByteOrderMSB = False
CompressedData = True
CompressedDataSize = 15020
TransformMatrix = 1 0 0 0 1 0 0 0 1
Offset = 1.4780000000111759 0.0058499999471008785 2.3409999988922094
CenterOfRotation = 0 0 0
AnatomicalOrientation = RAI
ElementSpacing = 0.011500000022351742 0.0038999998942017555 0.12317142635583878
DimSize = 512 496 36
ElementType = MET_UCHAR
ElementDataFile = pat060_im002.zraw

