ObjectType = Image
NDims = 3
BinaryData = True
BinaryDataByteOrderMSB = False
CompressedData = True
CompressedDataSize = 11435
TransformMatrix = 1 0 0 0 1 0 0 0 1
Offset = 1.4461000000111759 0.0058499999471008785 2.2900000014151773
CenterOfRotation = 0 0 0
AnatomicalOrientation = RAI
ElementSpacing = 0.011500000022351742 0.0038999998942017555 0.12051428854465485
DimSize = 503 496 36
ElementType = MET_UCHAR
ElementDataFile = pat014_im002.zraw

