ObjectType = Image
NDims = 3
BinaryData = True
BinaryDataByteOrderMSB = False
CompressedData = True
CompressedDataSize = 18268
TransformMatrix = 1 0 0 0 1 0 0 0 1
Offset = 0.00010000001117587125 0.0058499999471008785 2.2850000014995704
CenterOfRotation = 0 0 0
AnatomicalOrientation = RAI
ElementSpacing = 0.011500000022351742 0.0038999998942017555 0.12029268592596054
DimSize = 755 496 42
ElementType = MET_UCHAR
ElementDataFile = pat023_im002.zraw

