ObjectType = Image
NDims = 3
BinaryData = True
BinaryDataByteOrderMSB = False
CompressedData = True
CompressedDataSize = 6894
TransformMatrix = 1 0 0 0 1 0 0 0 1
Offset = 1.1600000000111759 0.0058499999471008785 2.5590000011675524
CenterOfRotation = 0 0 0
AnatomicalOrientation = RAI
ElementSpacing = 0.011500000022351742 0.0038999998942017555 0.23082353174686432
DimSize = 490 496 18
ElementType = MET_UCHAR
ElementDataFile = pat073_im001.zraw

