ObjectType = Image
NDims = 3
BinaryData = True
BinaryDataByteOrderMSB = False
CompressedData = True
CompressedDataSize = 14424
TransformMatrix = 1 0 0 0 1 0 0 0 0.99999999999999989
Offset = 1.400300000011176 0.0058499999471008785 2.2169999982808291
CenterOfRotation = 0 0 0
AnatomicalOrientation = RAI
ElementSpacing = 0.011500000022351742 0.0038999998942017555 0.11668571084737778
DimSize = 485 496 36
ElementType = MET_UCHAR
ElementDataFile = pat070_im001.zraw

