ObjectType = Image
NDims = 3
BinaryData = True
BinaryDataByteOrderMSB = False
CompressedData = True
CompressedDataSize = 29890
TransformMatrix = 1 0 0 0 1 0 0 0 0.99999999999999989
Offset = 1.4899500000111761 0.0058499999471008785 2.3579999991314788
CenterOfRotation = 0 0 0
AnatomicalOrientation = RAI
ElementSpacing = 0.011500000022351742 0.0038999998942017555 0.1241428554058075
DimSize = 516 496 36
ElementType = MET_UCHAR
ElementDataFile = pat009_im001.zraw

