ObjectType = Image
NDims = 3
BinaryData = True
BinaryDataByteOrderMSB = False
CompressedData = True
CompressedDataSize = 12144
TransformMatrix = 1 0 0 0 1 0 0 0 1
Offset = 1.454050000011176 0.0058499999471008785 2.3020000013649513
CenterOfRotation = 0 0 0
AnatomicalOrientation = RAI
ElementSpacing = 0.011500000022351742 0.0038999998942017555 0.12120000272989273
DimSize = 508 496 36
ElementType = MET_UCHAR
ElementDataFile = pat003_im001.zraw

