ObjectType = Image
NDims = 3
BinaryData = True
BinaryDataByteOrderMSB = False
CompressedData = True
CompressedDataSize = 8135
TransformMatrix = 1 0 0 0 1 0 0 0 0.99999999999999989
Offset = 1.3910500000111758 0.0058499999471008785 2.3129999963851482
CenterOfRotation = 0 0 0
AnatomicalOrientation = RAI
ElementSpacing = 0.011500000022351742 0.0038999998942017555 0.23129411041736603
DimSize = 481 496 18
ElementType = MET_UCHAR
ElementDataFile = pat032_im001.zraw

