ObjectType = Image
NDims = 3
BinaryData = True
BinaryDataByteOrderMSB = False
CompressedData = True
CompressedDataSize = 33050
TransformMatrix = 1 0 0 0 1 0 0 0 1
Offset = 1.414250000011176 0.0058499999471008785 2.2379999986648609
CenterOfRotation = 0 0 0
AnatomicalOrientation = RAI
ElementSpacing = 0.011500000022351742 0.0038999998942017555 0.11779999732971191
DimSize = 490 496 36
ElementType = MET_UCHAR
ElementDataFile = pat005_im004.zraw

