ObjectType = Image
NDims = 3
BinaryData = True
BinaryDataByteOrderMSB = False
CompressedData = True
CompressedDataSize = 13814
TransformMatrix = 1 0 0 0 1 0 0 0 0.99999999999999989
Offset = 1.412250000011176 0.0058499999471008785 2.235999999294108
CenterOfRotation = 0 0 0
AnatomicalOrientation = RAI
ElementSpacing = 0.011500000022351742 0.0038999998942017555 0.1176857128739357
DimSize = 490 496 36
ElementType = MET_UCHAR
ElementDataFile = pat022_im001.zraw

