ObjectType = Image
NDims = 3
BinaryData = True
BinaryDataByteOrderMSB = False
CompressedData = True
CompressedDataSize = 14366
TransformMatrix = 1 0 0 0 1 0 0 0 1
Offset = 1.479950000011176 0.0058499999471008785 2.3429999998109716
CenterOfRotation = 0 0 0
AnatomicalOrientation = RAI
ElementSpacing = 0.011500000022351742 0.0038999998942017555 0.1233428567647934
DimSize = 516 496 36
ElementType = MET_UCHAR
ElementDataFile = pat048_im001.zraw

