ObjectType = Image
NDims = 3
BinaryData = True
BinaryDataByteOrderMSB = False
CompressedData = True
CompressedDataSize = 12476
TransformMatrix = 1 0 0 0 1 0 0 0 1
Offset = 1.5009000000111758 0.0058499999471008785 2.3759999985967388
CenterOfRotation = 0 0 0
AnatomicalOrientation = RAI
ElementSpacing = 0.011500000022351742 0.0038999998942017555 0.12508571147918701
DimSize = 521 496 36
ElementType = MET_UCHAR
ElementDataFile = pat068_im002.zraw

