ObjectType = Image
NDims = 3
BinaryData = True
BinaryDataByteOrderMSB = False
CompressedData = True
CompressedDataSize = 9248
TransformMatrix = 1 0 0 0 1 0 0 0 0.99999999999999989
Offset = 1.428150000011176 0.0058499999471008785 2.2600000005969023
CenterOfRotation = 0 0 0
AnatomicalOrientation = RAI
ElementSpacing = 0.011500000022351742 0.0038999998942017555 0.11897142976522446
DimSize = 499 496 36
ElementType = MET_UCHAR
ElementDataFile = pat059_im001.zraw

