ObjectType = Image
NDims = 3
BinaryData = True
BinaryDataByteOrderMSB = False
CompressedData = True
CompressedDataSize = 9069
TransformMatrix = 1 0 0 0 1 0 0 0 1
Offset = 1.524000000011176 0.0058499999471008785 2.4179999989797123
CenterOfRotation = 0 0 0
AnatomicalOrientation = RAI
ElementSpacing = 0.011500000022351742 0.0038999998942017555 0.24423529207706451
DimSize = 512 496 18
ElementType = MET_UCHAR
ElementDataFile = pat044_im001.zraw

