ObjectType = Image
NDims = 3
BinaryData = True
BinaryDataByteOrderMSB = False
CompressedData = True
CompressedDataSize = 6058
TransformMatrix = 1 0 0 0 1 0 0 0 1
Offset = 0.95990000001117581 0.0058499999471008785 2.4430000034851194
CenterOfRotation = 0 0 0
AnatomicalOrientation = RAI
ElementSpacing = 0.011500000022351742 0.0038999998942017555 0.24305883049964905
DimSize = 508 496 18
ElementType = MET_UCHAR
ElementDataFile = pat061_im001.zraw

