ObjectType = Image
NDims = 3
BinaryData = True
BinaryDataByteOrderMSB = False
CompressedData = True
CompressedDataSize = 13702
TransformMatrix = 1 0 0 0 1 0 0 0 0.99999999999999989
Offset = 1.9539000000111759 0.0058499999471008785 2.4459999985409522
CenterOfRotation = 0 0 0
AnatomicalOrientation = RAI
ElementSpacing = 0.011500000022351742 0.0038999998942017555 0.12097872048616409
DimSize = 508 496 48
ElementType = MET_UCHAR
ElementDataFile = pat049_im002.zraw

